GEM
  remote: http://rubygems.org/
  specs:
    blankslate (3.1.2)
    called_from (0.1.0)
    cantor (1.2.0)
    diff-lcs (1.2.5)
    docile (1.1.3)
    multi_json (1.9.2)
    rake (10.2.2)
    rcov (0.9.11)
    redcarpet (2.3.0)
    rspec (2.14.1)
      rspec-core (~> 2.14.0)
      rspec-expectations (~> 2.14.0)
      rspec-mocks (~> 2.14.0)
    rspec-core (2.14.8)
    rspec-expectations (2.14.5)
      diff-lcs (>= 1.1.3, < 2.0)
    rspec-mocks (2.14.6)
    simplecov (0.8.2)
      docile (~> 1.1.0)
      multi_json
      simplecov-html (~> 0.8.0)
    simplecov-html (0.8.0)
    term-ansicolor (1.3.0)
      tins (~> 1.0)
    tins (1.1.0)
    yard (0.8.7.4)

PLATFORMS
  ruby

DEPENDENCIES
  blankslate
  called_from
  cantor (~> 1.2.0)
  rake
  rcov (~> 0.9.9)
  redcarpet (~> 2.3.0)
  rspec (~> 2.14.1)
  simplecov
  term-ansicolor
  yard (~> 0.8.7)
