GEM
  remote: http://rubygems.org/
  specs:
    blankslate (3.1.2)
    called_from (0.1.0)
    cantor (1.2.0)
    diff-lcs (1.2.5)
    multi_json (1.0.4)
    rake (10.0.4)
    rcov (0.9.9)
    redcarpet (3.0.0)
    rspec (2.14.1)
      rspec-core (~> 2.14.0)
      rspec-expectations (~> 2.14.0)
      rspec-mocks (~> 2.14.0)
    rspec-core (2.14.7)
    rspec-expectations (2.14.4)
      diff-lcs (>= 1.1.3, < 2.0)
    rspec-mocks (2.14.4)
    simplecov (0.6.1)
      multi_json (~> 1.0)
      simplecov-html (~> 0.5.3)
    simplecov-html (0.5.3)
    term-ansicolor (1.0.5)
    yard (0.8.7.3)

PLATFORMS
  ruby

DEPENDENCIES
  blankslate
  called_from
  cantor (~> 1.2.0)
  rake
  rcov (~> 0.9.9)
  redcarpet (~> 3.0.0)
  rspec (~> 2.14.1)
  simplecov
  term-ansicolor
  yard (~> 0.8.7)
